PATH
  remote: .
  specs:
    zombie_scout (0.0.6)
      flog (~> 4.2)
      parser (~> 2.1)
      thor (~> 0.18)

GEM
  remote: http://rubygems.org/
  specs:
    ast (2.3.0)
    diff-lcs (1.2.5)
    fakefs (0.10.0)
    flog (4.4.0)
      path_expander (~> 1.0)
      ruby_parser (~> 3.1, > 3.1.0)
      sexp_processor (~> 4.4)
    parser (2.3.1.4)
      ast (~> 2.2)
    path_expander (1.0.0)
    rake (13.0.3)
    rspec (3.5.0)
      rspec-core (~> 3.5.0)
      rspec-expectations (~> 3.5.0)
      rspec-mocks (~> 3.5.0)
    rspec-core (3.5.4)
      rspec-support (~> 3.5.0)
    rspec-expectations (3.5.0)
      diff-lcs (>= 1.2.0, < 2.0)
      rspec-support (~> 3.5.0)
    rspec-mocks (3.5.0)
      diff-lcs (>= 1.2.0, < 2.0)
      rspec-support (~> 3.5.0)
    rspec-support (3.5.0)
    ruby_parser (3.8.3)
      sexp_processor (~> 4.1)
    sexp_processor (4.7.0)
    thor (0.19.1)

PLATFORMS
  ruby

DEPENDENCIES
  bundler (~> 1.10)
  fakefs
  rake
  rspec
  zombie_scout!

BUNDLED WITH
   1.13.6
